GEM
  remote: https://rubygems.org/
  specs:
    pkg-config (1.5.5)
    pnglitch (0.0.2)
    rmagick (5.3.0)
      pkg-config (~> 1.4)

PLATFORMS
  ruby

DEPENDENCIES
  pnglitch
  rmagick (>= 5.3.0)

BUNDLED WITH
   1.17.3
